GEM
  remote: https://rubygems.org/
  specs:
    docile (1.1.3)
    minitest (5.3.1)
    multi_json (1.9.2)
    rake (10.2.1)
    simplecov (0.8.2)
      docile (~> 1.1.0)
      multi_json
      simplecov-html (~> 0.8.0)
    simplecov-html (0.8.0)

PLATFORMS
  ruby

DEPENDENCIES
  minitest
  rake
  simplecov
